GEM
  remote: https://rubygems.org/
  specs:
    rake (10.3.2)
    yard (0.8.7.4)

PLATFORMS
  ruby

DEPENDENCIES
  rake
  yard
